GEM
  remote: https://rubygems.org/
  specs:
    colorize (0.8.1)
    rubyzip (2.3.0)

PLATFORMS
  ruby

DEPENDENCIES
  colorize
  rubyzip

BUNDLED WITH
   2.1.4
